GEM
  remote: http://rubygems.org/
  specs:
    diff-lcs (1.1.2)
    grit (2.3.0)
      diff-lcs (~> 1.1)
      mime-types (~> 1.15)
    haml (3.0.24)
    mime-types (1.16)
    rack (1.2.1)
    rdiscount (1.6.5)
    sinatra (1.1.0)
      rack (~> 1.1)
      tilt (~> 1.1)
    tilt (1.1)

PLATFORMS
  ruby

DEPENDENCIES
  grit
  haml
  rack
  rdiscount
  sinatra
