GIT
  remote: git://github.com/mattsears/aerial.git
  revision: 59b5f0b29d7c900e0ee7b6783199ddee4c05a292
  specs:
    aerial (0.2.0)

GEM
  remote: http://rubygems.org/
  specs:
    diff-lcs (1.1.2)
    grit (2.3.0)
      diff-lcs (~> 1.1)
      mime-types (~> 1.15)
    haml (3.0.24)
    mime-types (1.16)
    rack (1.2.1)
    rack-contrib (1.1.0)
      rack (>= 0.9.1)
    rack-rewrite (1.0.2)
    rack-static-if-present (0.1.0)
    rdiscount (1.6.5)
    sass (3.1.0.alpha.214)
    sinatra (1.1.0)
      rack (~> 1.1)
      tilt (~> 1.1)
    tilt (1.1)

PLATFORMS
  ruby

DEPENDENCIES
  aerial!
  grit
  haml
  rack
  rack-contrib
  rack-rewrite
  rack-static-if-present
  rdiscount
  sass
  sinatra
