GIT
  remote: git://github.com/mattsears/aerial.git
  revision: a86a33687d5543334371c83e21e517ca9cd289ba
  specs:
    aerial (0.2.0)
      albino
      grit
      haml
      html_truncator
      nokogiri
      redcarpet
      sinatra
      thin
      thor

GEM
  remote: http://rubygems.org/
  specs:
    addressable (2.2.6)
    albino (1.3.3)
      posix-spawn (>= 0.3.6)
    configuration (1.3.1)
    daemons (1.1.4)
    diff-lcs (1.1.3)
    em-websocket (0.3.1)
      addressable (>= 2.1.1)
      eventmachine (>= 0.12.9)
    eventmachine (0.12.10)
    grit (2.4.1)
      diff-lcs (~> 1.1)
      mime-types (~> 1.15)
    guard (0.8.4)
      thor (~> 0.14.6)
    guard-livereload (0.3.1)
      em-websocket (>= 0.2.0)
      guard (>= 0.4.0)
      multi_json (~> 1.0.3)
    guard-sass (0.5.2)
      guard (>= 0.4.0)
      sass (>= 3.1)
    haml (3.1.3)
    heroku (1.20.1)
      launchy (~> 0.3.2)
      rest-client (>= 1.4.0, < 1.7.0)
    html_truncator (0.2.3)
      nokogiri (~> 1.4)
    launchy (0.3.7)
      configuration (>= 0.0.5)
      rake (>= 0.8.1)
    mime-types (1.16)
    multi_json (1.0.3)
    nokogiri (1.5.0)
    posix-spawn (0.3.6)
    rack (1.3.4)
    rack-contrib (1.1.0)
      rack (>= 0.9.1)
    rack-protection (1.1.4)
      rack
    rack-rewrite (1.2.1)
    rack-static-if-present (0.2.0)
      rack (~> 1)
    rake (0.9.2)
    rdiscount (1.6.8)
    redcarpet (1.17.2)
    rest-client (1.6.7)
      mime-types (>= 1.16)
    sass (3.1.10)
    sinatra (1.3.1)
      rack (~> 1.3, >= 1.3.4)
      rack-protection (~> 1.1, >= 1.1.2)
      tilt (~> 1.3, >= 1.3.3)
    thin (1.2.11)
      daemons (>= 1.0.9)
      eventmachine (>= 0.12.6)
      rack (>= 1.0.0)
    thor (0.14.6)
    tilt (1.3.3)

PLATFORMS
  ruby

DEPENDENCIES
  aerial!
  grit
  guard-livereload
  guard-sass
  haml
  heroku (= 1.20.1)
  rack
  rack-contrib
  rack-rewrite
  rack-static-if-present
  rdiscount
  sass
  sinatra
